{
	"Manufacturer": "Siemens",
	"ManufacturersModelName": "TrioTim",
	"AcquisitionNumber": 1,
	"ScanningSequence": "EP",
	"SequenceVariant": "SK",
	"SeriesDescription": "bbl1_restbold1_124",
	"ProtocolName": "bbl1_restbold1_124",
	"SequenceName": "_epfid2d1_64",
	"ImageType": ["ORIGINAL", "PRIMARY", "M", "ND", "MOSAIC"],
	"MagneticFieldStrength": 3,
	"FlipAngle": 90,
	"EchoTime": 0.032,
	"RepetitionTime": 3,
	"PhaseEncodingLines": 64,
	"BandwidthPerPixelPhaseEncode": 28.409,
	"EffectiveEchoSpacing": 0.000550002,
	"TotalReadoutTime": 0.0346501,
	"SliceTiming": [
		1.5075,
		0,
		1.5725,
		0.065,
		1.6375,
		0.1325,
		1.7025,
		0.1975,
		1.7675,
		0.2625,
		1.8325,
		0.3275,
		1.9,
		0.3925,
		1.965,
		0.46,
		2.03,
		0.525,
		2.095,
		0.59,
		2.16,
		0.655,
		2.2275,
		0.72,
		2.2925,
		0.785,
		2.3575,
		0.8525,
		2.4225,
		0.9175,
		2.4875,
		0.9825,
		2.555,
		1.0475,
		2.62,
		1.1125,
		2.685,
		1.18,
		2.75,
		1.245,
		2.815,
		1.31,
		2.8825,
		1.375,
		2.9475,
		1.44	],
	"PhaseEncodingDirection": "j-",
	"ConversionSoftware": "dcm2niix",
	"ConversionSoftwareVersion": "v1.0.20170724 (OpenJPEG build) GCC6.1.0"
}
