{
	"Manufacturer": "Siemens",
	"ManufacturersModelName": "TrioTim",
	"AcquisitionNumber": 1,
	"ScanningSequence": "EP",
	"SequenceVariant": "SK_SP",
	"SeriesDescription": "DTI_2x32_35",
	"ProtocolName": "DTI_2x32_35",
	"SequenceName": "ep_b0",
	"ImageType": ["ORIGINAL", "PRIMARY", "DIFFUSION", "NONE", "ND", "MOSAIC"],
	"MagneticFieldStrength": 3,
	"FlipAngle": 90,
	"EchoTime": 0.082,
	"RepetitionTime": 8.1,
	"PhaseEncodingLines": 128,
	"BandwidthPerPixelPhaseEncode": 29.297,
	"EffectiveEchoSpacing": 0.000266666,
	"TotalReadoutTime": 0.0253332,
	"SliceTiming": [
		4.065,
		0,
		4.1825,
		0.115,
		4.2975,
		0.2325,
		4.415,
		0.3475,
		4.53,
		0.465,
		4.645,
		0.58,
		4.7625,
		0.6975,
		4.8775,
		0.8125,
		4.995,
		0.93,
		5.11,
		1.045,
		5.2275,
		1.1625,
		5.3425,
		1.2775,
		5.46,
		1.3925,
		5.575,
		1.51,
		5.6925,
		1.625,
		5.8075,
		1.7425,
		5.925,
		1.8575,
		6.04,
		1.975,
		6.1575,
		2.09,
		6.2725,
		2.2075,
		6.3875,
		2.3225,
		6.505,
		2.44,
		6.62,
		2.555,
		6.7375,
		2.6725,
		6.8525,
		2.7875,
		6.97,
		2.9025,
		7.085,
		3.02,
		7.2025,
		3.135,
		7.3175,
		3.2525,
		7.435,
		3.3675,
		7.55,
		3.485,
		7.6675,
		3.6,
		7.7825,
		3.7175,
		7.9,
		3.8325,
		8.015,
		3.95	],
	"PhaseEncodingDirection": "j-",
	"ConversionSoftware": "dcm2niix",
	"ConversionSoftwareVersion": "v1.0.20170724 (OpenJPEG build) GCC6.1.0"
}
